PATH
  remote: .
  specs:
    raad_totem (0.0.1)
      totem (>= 0.0.5)

GEM
  remote: http://rubygems.org/
  specs:
    diff-lcs (1.1.3)
    rake (10.1.1)
    rspec (2.8.0)
      rspec-core (~> 2.8.0)
      rspec-expectations (~> 2.8.0)
      rspec-mocks (~> 2.8.0)
    rspec-core (2.8.0)
    rspec-expectations (2.8.0)
      diff-lcs (~> 1.1.2)
    rspec-mocks (2.8.0)
    totem (0.0.5)

PLATFORMS
  java
  ruby

DEPENDENCIES
  bundler (~> 1.5)
  raad_totem!
  rake
  rspec (~> 2.8.0)
