PATH
  remote: .
  specs:
    raad_totem (0.0.1)
      totem (>= 0.0.5)

GEM
  remote: http://rubygems.org/
  specs:
    rake (0.9.2.2)
    totem (0.0.5)

PLATFORMS
  java
  ruby

DEPENDENCIES
  bundler (~> 1.5)
  raad_totem!
  rake
